PATH
  remote: .
  specs:
    affected_tests (0.2.0)
      rotoscope

GEM
  remote: https://rubygems.org/
  specs:
    rake (13.0.6)
    rotoscope (0.3.0)

PLATFORMS
  ruby

DEPENDENCIES
  affected_tests!
  rake (~> 13.0)

BUNDLED WITH
   2.3.17
