PATH
  remote: .
  specs:
    affected_tests (0.1.0)
      calleree

GEM
  remote: https://rubygems.org/
  specs:
    calleree (0.1.0)
    rake (13.0.6)

PLATFORMS
  arm64-darwin-21

DEPENDENCIES
  affected_tests!
  rake (~> 13.0)

BUNDLED WITH
   2.3.17
